GEM
  remote: http://rubygems.org/
  specs:
    bourbon (3.1.1)
      sass (>= 3.2.0)
      thor
    coffee-script (2.2.0)
      coffee-script-source
      execjs
    coffee-script-source (1.4.0)
    execjs (1.4.0)
      multi_json (~> 1.0)
    multi_json (1.6.1)
    rake (10.0.3)
    sass (3.2.5)
    thor (0.17.0)

PLATFORMS
  ruby

DEPENDENCIES
  bourbon
  coffee-script
  rake
  sass
